GIT
  remote: git://github.com/rspec/rspec-core.git
  revision: 490bb145f83e97ee0632e42cffe2775412e468fe
  specs:
    rspec-core (3.0.0.beta2)
      rspec-support (= 3.0.0.beta2)

GIT
  remote: git://github.com/rspec/rspec-expectations.git
  revision: 117d48915e2712aa3f513f1cb93bb6d6b7c2ecb4
  specs:
    rspec-expectations (3.0.0.beta2)
      diff-lcs (>= 1.2.0, < 2.0)
      rspec-support (= 3.0.0.beta2)

GIT
  remote: git://github.com/rspec/rspec-mocks.git
  revision: 1787adccc08443b1824e63a385d98107d0d00677
  specs:
    rspec-mocks (3.0.0.beta2)
      rspec-support (= 3.0.0.beta2)

GIT
  remote: git://github.com/rspec/rspec-support.git
  revision: 5225b14dd23e1cbe60f3bd772f912f53c72d36b3
  specs:
    rspec-support (3.0.0.beta2)

GIT
  remote: git://github.com/rspec/rspec.git
  revision: c281bac1be86fd9e75a5a90b39107203305c9111
  specs:
    rspec (3.0.0.beta2)
      rspec-core (= 3.0.0.beta2)
      rspec-expectations (= 3.0.0.beta2)
      rspec-mocks (= 3.0.0.beta2)

GEM
  remote: http://rubygems.org/
  specs:
    bacon (1.2.0)
    builder (3.2.2)
    colorize (0.5.8)
    cucumber (1.3.14)
      builder (>= 2.1.2)
      diff-lcs (>= 1.1.3)
      gherkin (~> 2.12)
      multi_json (>= 1.7.5, < 2.0)
      multi_test (>= 0.1.1)
    diff-lcs (1.2.5)
    gherkin (2.12.2)
      multi_json (~> 1.3)
    gherkin-ruby (0.3.1)
      racc
    json (1.8.1)
    multi_json (1.9.3)
    multi_test (0.1.1)
    racc (1.4.11)
    riot (0.12.7)
      rr
    rr (1.1.2)
    spinach (0.8.9)
      colorize (= 0.5.8)
      gherkin-ruby (>= 0.3.1)
      json
    turnip (1.2.1)
      gherkin (>= 2.5)
      rspec (>= 2.0, < 4.0)

PLATFORMS
  ruby

DEPENDENCIES
  bacon
  cucumber
  riot
  rspec!
  rspec-core!
  rspec-expectations!
  rspec-mocks!
  rspec-support!
  spinach
  turnip
